NUGET
  remote: https://www.nuget.org/api/v2
    Base32 (1.0.0.26) - framework: >= net45
    BouncyCastle (1.7) - framework: >= net45
    ExtCore (0.8.45) - framework: >= net45
    FSharp.Core (4.0.0.1) - framework: >= net45
    FSharp.Data (2.1) - framework: >= net45
    FSharp.Data.SqlClient (1.5.5) - framework: >= net45
      Microsoft.SqlServer.Types (>= 11.0)
    FSharp.Data.TypeProviders (5.0.0.2) - framework: >= net45
      FSharp.Core (>= 3.1.2.5)
    FSharpx.Core (1.8.41) - framework: >= net45
    FSharpx.TypeProviders.AppSettings (1.8.41) - framework: >= net45
    FsPickler (1.0.11) - framework: >= net45
    FsUnit (1.3.0.1) - framework: >= net45
      NUnit (>= 2.6.3)
    log4net (2.0.3) - framework: >= net45
    Microsoft.SqlServer.Types (11.0) - framework: >= net45
    morelinq (2.0.0-alpha01) - framework: >= net45
    murmurhash (1.0) - framework: >= net45
    NodaTime (1.3) - framework: >= net45
    NUnit (2.6.4) - framework: >= net45
    NUnitTestAdapter (1.2) - framework: >= net45
    Rx-Core (2.2.5) - framework: >= net45
      Rx-Interfaces (>= 2.2.5)
    Rx-Interfaces (2.2.5) - framework: >= net45
    Rx-Linq (2.2.5) - framework: >= net45
      Rx-Core (>= 2.2.5)
      Rx-Interfaces (>= 2.2.5)
    Rx-Main (2.2.5) - framework: >= net45
      Rx-Core (>= 2.2.5)
      Rx-Interfaces (>= 2.2.5)
      Rx-Linq (>= 2.2.5)
      Rx-PlatformServices (>= 2.2.5)
    Rx-PlatformServices (2.2.5) - framework: >= net45
      Rx-Core (>= 2.2.5)
      Rx-Interfaces (>= 2.2.5)
    System.Data.SQLite.Core (1.0.94) - framework: >= net45
    System.Data.SQLite.Core.MSIL (1.0.94) - framework: >= net45
GITHUB
  remote: hhanh00/leveldb-win-binaries
    Release/leveldb.dll (a1c7613e8d9740576c0555143d8d4fd6b52c8ed1)
  remote: hhanh00/leveldb-sharp
    FULLPROJECT (a6ee95fe9637d948b88d09cc2d375c8658523901)
  remote: n074v41l4bl34u/Secp256k1.NET
    FULLPROJECT (49338620f83b3bc1e9ad62cbbbe241fb244fe4d5)
  remote: bitcoin/bitcoin
    src/test/data/script_tests.json (133c727cc4f7036b79b72d93ac5f5de4f86d71e1)
    src/test/data/sighash.json (133c727cc4f7036b79b72d93ac5f5de4f86d71e1)
    src/test/data/tx_invalid.json (133c727cc4f7036b79b72d93ac5f5de4f86d71e1)
    src/test/data/tx_valid.json (133c727cc4f7036b79b72d93ac5f5de4f86d71e1)
  remote: NicolasDorier/NBitcoin
    NBitcoin.Tests/data/sig_canonical.json (9a50147f2c702705bf95e679d02b54b15f8616b8)